PATH
  remote: .
  specs:
    akamai_cloudlet_manager (0.0.3)
      akamai-edgegrid (~> 1.0, >= 1.0.6)
      json (~> 2.1)
      terminal-table (~> 1.8)
      thor (~> 0.20.0)

GEM
  remote: https://rubygems.org/
  specs:
    akamai-edgegrid (1.0.6)
      inifile (~> 3.0)
    diff-lcs (1.3)
    inifile (3.0.0)
    json (2.1.0)
    rake (12.2.1)
    rspec (3.7.0)
      rspec-core (~> 3.7.0)
      rspec-expectations (~> 3.7.0)
      rspec-mocks (~> 3.7.0)
    rspec-core (3.7.0)
      rspec-support (~> 3.7.0)
    rspec-expectations (3.7.0)
      diff-lcs (>= 1.2.0, < 2.0)
      rspec-support (~> 3.7.0)
    rspec-mocks (3.7.0)
      diff-lcs (>= 1.2.0, < 2.0)
      rspec-support (~> 3.7.0)
    rspec-support (3.7.0)
    terminal-table (1.8.0)
      unicode-display_width (~> 1.1, >= 1.1.1)
    thor (0.20.0)
    unicode-display_width (1.3.0)

PLATFORMS
  ruby

DEPENDENCIES
  akamai_cloudlet_manager!
  rake (~> 12.2, >= 12.2.1)
  rspec (~> 3.7)

BUNDLED WITH
   1.16.0
