PATH
  remote: .
  specs:
    akamai_cloudlet_updater (0.0.1)
      akamai-edgegrid (~> 1.0, >= 1.0.6)
      json (~> 2.1)
      thor (~> 0.20.0)

GEM
  remote: https://rubygems.org/
  specs:
    akamai-edgegrid (1.0.6)
      inifile (~> 3.0)
    diff-lcs (1.3)
    inifile (3.0.0)
    json (2.1.0)
    rspec (3.7.0)
      rspec-core (~> 3.7.0)
      rspec-expectations (~> 3.7.0)
      rspec-mocks (~> 3.7.0)
    rspec-core (3.7.0)
      rspec-support (~> 3.7.0)
    rspec-expectations (3.7.0)
      diff-lcs (>= 1.2.0, < 2.0)
      rspec-support (~> 3.7.0)
    rspec-mocks (3.7.0)
      diff-lcs (>= 1.2.0, < 2.0)
      rspec-support (~> 3.7.0)
    rspec-support (3.7.0)
    thor (0.20.0)

PLATFORMS
  ruby

DEPENDENCIES
  akamai_cloudlet_updater!
  rspec (~> 3.7)

BUNDLED WITH
   1.15.4
