GEM
  remote: https://rubygems.org/
  specs:
    akamai-edgegrid (1.0.6)
      inifile (~> 3.0)
    diff-lcs (1.3)
    inifile (3.0.0)
    json (2.1.0)
    rspec (3.7.0)
      rspec-core (~> 3.7.0)
      rspec-expectations (~> 3.7.0)
      rspec-mocks (~> 3.7.0)
    rspec-core (3.7.0)
      rspec-support (~> 3.7.0)
    rspec-expectations (3.7.0)
      diff-lcs (>= 1.2.0, < 2.0)
      rspec-support (~> 3.7.0)
    rspec-mocks (3.7.0)
      diff-lcs (>= 1.2.0, < 2.0)
      rspec-support (~> 3.7.0)
    rspec-support (3.7.0)

PLATFORMS
  ruby

DEPENDENCIES
  akamai-edgegrid (~> 1.0, >= 1.0.6)!
  json!
  rspec!

BUNDLED WITH
   1.15.4
